PATH
  remote: .
  specs:
    libdolt (0.5.2)
      em_pessimistic (~> 0.1)
      em_rugged (~> 0.1.2)
      eventmachine (~> 1.0)
      github-markup (~> 0.7)
      htmlentities (~> 4.3)
      json (~> 1.7)
      mime-types (~> 1.19)
      pygments.rb (~> 0.2)
      tzinfo (~> 0.3)

GEM
  remote: http://rubygems.org/
  specs:
    em-minitest-spec (1.1.1)
      eventmachine
    em_pessimistic (0.1.2)
      eventmachine (~> 1.0)
    em_rugged (0.1.3)
      eventmachine (~> 1.0)
      rugged (= 0.17.0.b6)
    eventmachine (1.0.0)
    github-markup (0.7.4)
    htmlentities (4.3.1)
    json (1.7.5)
    mime-types (1.19)
    minitest (2.12.1)
    posix-spawn (0.3.6)
    pygments.rb (0.3.1)
      posix-spawn (~> 0.3.6)
      yajl-ruby (~> 1.1.0)
    rake (0.9.2.2)
    redcarpet (2.1.1)
    rugged (0.17.0.b6)
    tilt (1.3.3)
    tiltout (1.0.0)
      tilt (~> 1.3)
    tzinfo (0.3.33)
    yajl-ruby (1.1.0)

PLATFORMS
  ruby

DEPENDENCIES
  em-minitest-spec (~> 1.1)
  libdolt!
  minitest (~> 2.0)
  rake (~> 0.9)
  redcarpet
  tiltout (~> 1)
