PATH
  remote: .
  specs:
    libdolt (0.17.0)
      htmlentities (~> 4.3)
      json (~> 1.7)
      makeup (~> 0.2)
      mime-types (~> 1.19)
      rugged (= 0.17.0.b6)
      tzinfo (~> 0.3)

GEM
  remote: http://rubygems.org/
  specs:
    github-markup (0.7.5)
    htmlentities (4.3.1)
    json (1.8.0)
    makeup (0.3.0)
      github-markup (~> 0.7)
      htmlentities (~> 4.3)
      pygments.rb (~> 0.2)
    metaclass (0.0.1)
    mime-types (1.23)
    minitest (2.12.1)
    mocha (0.13.1)
      metaclass (~> 0.0.1)
    posix-spawn (0.3.6)
    pygments.rb (0.5.0)
      posix-spawn (~> 0.3.6)
      yajl-ruby (~> 1.1.0)
    rake (0.9.2.2)
    redcarpet (2.2.0)
    rugged (0.17.0.b6)
    tilt (1.3.3)
    tiltout (1.4.0)
      tilt (~> 1.3)
    tzinfo (0.3.37)
    yajl-ruby (1.1.0)

PLATFORMS
  ruby

DEPENDENCIES
  libdolt!
  minitest (~> 2.0)
  mocha
  rake (~> 0.9)
  redcarpet (= 2.2.0)
  tiltout (~> 1.4)
