PATH
  remote: .
  specs:
    libdolt (0.28.0)
      htmlentities (~> 4.3)
      json (~> 1.7)
      makeup (~> 0.4)
      mime-types (~> 1.19)
      rugged (= 0.18.0.gh.de28323)
      tzinfo (~> 0.3)

GEM
  remote: http://rubygems.org/
  specs:
    builder (3.2.2)
    charlock_holmes (0.6.9.4)
    ci_reporter (1.9.0)
      builder (>= 2.1.2)
    escape_utils (0.3.2)
    github-linguist (2.8.6)
      charlock_holmes (~> 0.6.6)
      escape_utils (~> 0.3.1)
      mime-types (~> 1.19)
      pygments.rb (~> 0.4.2)
    github-markup (0.7.5)
    htmlentities (4.3.1)
    json (1.8.0)
    makeup (0.4.0)
      github-linguist (~> 2.8)
      github-markup (~> 0.7)
      htmlentities (~> 4.3)
      pygments.rb (~> 0.4)
    metaclass (0.0.1)
    mime-types (1.23)
    minitest (2.12.1)
    mocha (0.14.0)
      metaclass (~> 0.0.1)
    multi_json (1.7.7)
    posix-spawn (0.3.6)
    pygments.rb (0.4.2)
      posix-spawn (~> 0.3.6)
      yajl-ruby (~> 1.1.0)
    rake (0.9.6)
    rcov (1.0.0)
    redcarpet (2.2.0)
    rugged (0.18.0.gh.de28323)
    simplecov (0.7.1)
      multi_json (~> 1.0)
      simplecov-html (~> 0.7.1)
    simplecov-html (0.7.1)
    tilt (1.4.1)
    tiltout (1.4.0)
      tilt (~> 1.3)
    tzinfo (0.3.37)
    yajl-ruby (1.1.0)

PLATFORMS
  ruby

DEPENDENCIES
  ci_reporter
  libdolt!
  minitest (~> 2.0)
  mocha
  rake (~> 0.9)
  rcov
  redcarpet (~> 2.2)
  simplecov
  tiltout (~> 1.4)
